PATH
  remote: .
  specs:
    facon (0.5.0)

GEM
  remote: https://rubygems.org/
  specs:
    bacon (1.1.0)
    coveralls (0.6.9)
      multi_json (~> 1.3)
      rest-client
      simplecov (>= 0.7)
      term-ansicolor
      thor
    domain_name (0.5.20180417)
      unf (>= 0.0.5, < 1.0.0)
    http-cookie (1.0.3)
      domain_name (~> 0.5)
    mime-types (3.2.2)
      mime-types-data (~> 3.2015)
    mime-types-data (3.2019.0331)
    multi_json (1.8.0)
    netrc (0.11.0)
    rake (0.9.2.2)
    rest-client (2.0.2)
      http-cookie (>= 1.0.2, < 2.0)
      mime-types (>= 1.16, < 4.0)
      netrc (~> 0.8)
    simplecov (0.7.1)
      multi_json (~> 1.0)
      simplecov-html (~> 0.7.1)
    simplecov-html (0.7.1)
    term-ansicolor (1.2.2)
      tins (~> 0.8)
    thor (0.18.1)
    tins (0.9.0)
    unf (0.1.4)
      unf_ext
    unf_ext (0.0.7.6)

PLATFORMS
  ruby

DEPENDENCIES
  bacon
  coveralls
  facon!
  rake
