PATH
  remote: .
  specs:
    facon (0.5.0)

GEM
  remote: http://rubygems.org/
  specs:
    bacon (1.1.0)
    coveralls (0.6.9)
      multi_json (~> 1.3)
      rest-client
      simplecov (>= 0.7)
      term-ansicolor
      thor
    mime-types (1.25)
    multi_json (1.8.0)
    rake (0.9.2.2)
    rest-client (1.6.7)
      mime-types (>= 1.16)
    simplecov (0.7.1)
      multi_json (~> 1.0)
      simplecov-html (~> 0.7.1)
    simplecov-html (0.7.1)
    term-ansicolor (1.2.2)
      tins (~> 0.8)
    thor (0.18.1)
    tins (0.9.0)

PLATFORMS
  ruby

DEPENDENCIES
  bacon
  coveralls
  facon!
  rake
